GEM
  remote: https://rubygems.org/
  specs:
    misfit_gem (0.1.2)
      oauth
    oauth (0.4.7)

PLATFORMS
  ruby

DEPENDENCIES
  misfit_gem
